GEM
  specs:
    activemodel (4.2.0)
      activesupport (= 4.2.0)
      builder (~> 3.1)
    activerecord (4.2.0)
      activemodel (= 4.2.0)
      activesupport (= 4.2.0)
      arel (~> 6.0)
    activerecord-utils (0.4.0)
      activerecord
      logutils
    activesupport (4.2.0)
      i18n (~> 0.7)
      json (~> 1.7, >= 1.7.7)
      minitest (~> 5.1)
      thread_safe (~> 0.3, >= 0.3.4)
      tzinfo (~> 1.1)
    arel (6.0.0)
    beerdb-models (1.0.1)
      worlddb-models (>= 2.2.0)
    bookfile (0.1.3)
      fetcher
      hybook
      logutils
      props
      rubyzip
      textutils
    builder (3.2.2)
    datafile (0.1.2)
      fetcher
      logutils
      textutils
    fetcher (0.4.5)
      logutils (>= 0.6)
    gli (2.12.2)
    hybook (0.1.2)
      activesupport
      gli
      logutils
      markdown
      props
      textutils
    i18n (0.7.0)
    json (1.8.2)
    kramdown (1.5.0)
    logutils (0.6.1)
    logutils-activerecord (0.2.1)
      activerecord
      logutils (>= 0.6.1)
    markdown (1.2.0)
      kramdown (>= 1.5.0)
      props (>= 1.1.2)
      textutils (>= 0.10.0)
    minitest (5.5.1)
    persondb-models (0.4.2)
      worlddb-models
    props (1.1.2)
    props-activerecord (0.1.0)
      activerecord
      props (>= 1.1.2)
    rubyzip (1.1.7)
    sportdb-models (1.10.1)
      persondb-models (>= 0.4.2)
      worlddb-models (>= 2.1.0)
    tagutils (0.3.0)
      activerecord
      logutils (>= 0.6.1)
      props (>= 1.1.2)
      textutils (>= 0.10.0)
    textutils (1.2.0)
      activesupport
      logutils (>= 0.6.1)
      props (>= 1.1.2)
      rubyzip
    thread_safe (0.3.4)
    tzinfo (1.2.2)
      thread_safe (~> 0.1)
    worlddb-models (2.2.2)
      activerecord
      activerecord-utils (>= 0.2.0)
      logutils (>= 0.6.1)
      logutils-activerecord (>= 0.2.0)
      props (>= 1.1.2)
      props-activerecord (>= 0.1.0)
      rubyzip
      tagutils (>= 0.3.0)
      textutils (>= 0.10.0)

PLATFORMS
  ruby

DEPENDENCIES
  beerdb-models
  bookfile
  datafile
  fetcher
  hybook
  sportdb-models
  worlddb-models
